GEM
  remote: https://rubygems.org/
  specs:
    bson (4.0.0)
    bson_ext (1.5.1)
    cinch (2.3.1)
    httpclient (2.6.0.1)
    mongo (2.2.0)
      bson (~> 4.0)
    rally_api (1.2.1)
      httpclient (= 2.6.0.1)

PLATFORMS
  ruby

DEPENDENCIES
  bson_ext
  cinch
  mongo (~> 2.1)
  rally_api
