GEM
  remote: https://rubygems.org/
  specs:
    bson (1.11.1)
    bson_ext (1.11.1)
      bson (~> 1.11.1)
    cinch (2.1.0)
    httpclient (2.4.0)
    mongo (1.11.1)
      bson (= 1.11.1)
    rally_api (1.1.2)
      httpclient (~> 2.4.0)

PLATFORMS
  ruby

DEPENDENCIES
  bson_ext
  cinch
  mongo
  rally_api
