GEM
  remote: https://rubygems.org/
  specs:
    bson (4.2.1)
    bson_ext (1.5.1)
    cinch (2.3.3)
    httpclient (2.6.0.1)
    json (2.0.3)
    mongo (2.4.1)
      bson (>= 4.2.1, < 5.0.0)
    rally_api (1.2.1)
      httpclient (= 2.6.0.1)

PLATFORMS
  ruby

DEPENDENCIES
  bson_ext
  cinch
  json
  mongo
  rally_api

BUNDLED WITH
   1.14.6
